GEM
  remote: https://rubygems.org/
  specs:
    foreman (0.87.2)
    rack (2.2.3)

PLATFORMS
  ruby

DEPENDENCIES
  foreman
  rack

BUNDLED WITH
   2.1.4
