GEM
  remote: https://rubygems.org/
  specs:
    foreman (0.87.2)
    rack (3.0.6)
    rackup (2.1.0)
      rack (>= 3)
      webrick (~> 1.8)
    webrick (1.8.1)

PLATFORMS
  ruby

DEPENDENCIES
  foreman
  rack
  rackup

BUNDLED WITH
   2.4.6
